GEM
  remote: http://rubygems.org/
  specs:
    actionmailer (2.3.8)
      actionpack (= 2.3.8)
    actionpack (2.3.8)
      activesupport (= 2.3.8)
      rack (~> 1.1.0)
    activerecord (2.3.8)
      activesupport (= 2.3.8)
    activeresource (2.3.8)
      activesupport (= 2.3.8)
    activesupport (2.3.8)
    columnize (0.3.4)
    daemons (1.1.4)
    eventmachine (0.12.10)
    fastercsv (1.5.4)
    haml (3.1.3)
    httpclient (2.2.1)
    libxml-ruby (2.2.2)
    linecache (0.46)
      rbx-require-relative (> 0.0.4)
    memcache-client (1.8.5)
    metaclass (0.0.1)
    mocha (0.10.0)
      metaclass (~> 0.0.1)
    mysql (2.8.1)
    rack (1.1.2)
    rails (2.3.8)
      actionmailer (= 2.3.8)
      actionpack (= 2.3.8)
      activerecord (= 2.3.8)
      activeresource (= 2.3.8)
      activesupport (= 2.3.8)
      rake (>= 0.8.3)
    rake (0.9.2)
    rbx-require-relative (0.0.5)
    rdiscount (1.6.8)
    ruby-debug (0.10.4)
      columnize (>= 0.1)
      ruby-debug-base (~> 0.10.4.0)
    ruby-debug-base (0.10.4)
      linecache (>= 0.3)
    soap4r (1.5.8)
      httpclient (>= 2.1.1)
    starling (0.10.1)
      eventmachine (>= 0.12.0)
      memcache-client (>= 1.7.0)
    system_timer (1.2.4)
    will_paginate (2.3.16)

PLATFORMS
  ruby

DEPENDENCIES
  bundler
  daemons
  fastercsv
  haml
  libxml-ruby (>= 0.9.7)
  mocha
  mysql
  rails (= 2.3.8)
  rake
  rdiscount
  ruby-debug
  soap4r (>= 1.5.8)
  starling
  system_timer
  will_paginate (= 2.3.16)
